PATH
  remote: .
  specs:
    protoboard (0.1.5)
      dry-configurable (~> 0.7.0)
      stoplight (~> 2.1.3)

GEM
  remote: https://rubygems.org/
  specs:
    concurrent-ruby (1.0.5)
    diff-lcs (1.3)
    docile (1.3.1)
    dry-configurable (0.7.0)
      concurrent-ruby (~> 1.0)
    json (2.1.0)
    rake (10.5.0)
    redis (3.3.5)
    rspec (3.7.0)
      rspec-core (~> 3.7.0)
      rspec-expectations (~> 3.7.0)
      rspec-mocks (~> 3.7.0)
    rspec-core (3.7.1)
      rspec-support (~> 3.7.0)
    rspec-expectations (3.7.0)
      diff-lcs (>= 1.2.0, < 2.0)
      rspec-support (~> 3.7.0)
    rspec-mocks (3.7.0)
      diff-lcs (>= 1.2.0, < 2.0)
      rspec-support (~> 3.7.0)
    rspec-support (3.7.1)
    simplecov (0.16.1)
      docile (~> 1.1)
      json (>= 1.8, < 3)
      simplecov-html (~> 0.10.0)
    simplecov-html (0.10.2)
    stoplight (2.1.3)

PLATFORMS
  ruby

DEPENDENCIES
  bundler (~> 1.16)
  protoboard!
  rake (~> 10.0)
  redis (~> 3.2)
  rspec (~> 3.0)
  simplecov

BUNDLED WITH
   1.16.2
