PATH
  remote: .
  specs:
    protoboard (0.1.0)
      dry-configurable (~> 0.7.0)
      redis (~> 4.0.1)
      stoplight (~> 2.1.3)

GEM
  remote: https://rubygems.org/
  specs:
    byebug (10.0.2)
    concurrent-ruby (1.0.5)
    diff-lcs (1.3)
    dry-configurable (0.7.0)
      concurrent-ruby (~> 1.0)
    rake (10.5.0)
    redis (4.0.1)
    rspec (3.7.0)
      rspec-core (~> 3.7.0)
      rspec-expectations (~> 3.7.0)
      rspec-mocks (~> 3.7.0)
    rspec-core (3.7.1)
      rspec-support (~> 3.7.0)
    rspec-expectations (3.7.0)
      diff-lcs (>= 1.2.0, < 2.0)
      rspec-support (~> 3.7.0)
    rspec-mocks (3.7.0)
      diff-lcs (>= 1.2.0, < 2.0)
      rspec-support (~> 3.7.0)
    rspec-support (3.7.1)
    stoplight (2.1.3)

PLATFORMS
  ruby

DEPENDENCIES
  bundler (~> 1.16)
  byebug
  protoboard!
  rake (~> 10.0)
  rspec (~> 3.0)

BUNDLED WITH
   1.16.2
